GEM
  remote: https://rubygems.org/
  specs:
    parallel (1.17.0)

PLATFORMS
  ruby

DEPENDENCIES
  parallel

BUNDLED WITH
   2.0.2
